PATH
  remote: .
  specs:
    bert (2.0.0)

GEM
  remote: https://rubygems.org/
  specs:
    activesupport (7.1.0)
      base64
      bigdecimal
      concurrent-ruby (~> 1.0, >= 1.0.2)
      connection_pool (>= 2.2.5)
      drb
      i18n (>= 1.6, < 2)
      minitest (>= 5.1)
      mutex_m
      tzinfo (~> 2.0)
    base64 (0.1.1)
    bigdecimal (3.1.4)
    concurrent-ruby (1.2.2)
    connection_pool (2.4.1)
    drb (2.1.1)
      ruby2_keywords
    i18n (1.14.1)
      concurrent-ruby (~> 1.0)
    minitest (5.20.0)
    mutex_m (0.1.2)
    power_assert (2.0.3)
    rake (13.0.6)
    rake-compiler (1.2.5)
      rake
    ruby2_keywords (0.0.5)
    shoulda (4.0.0)
      shoulda-context (~> 2.0)
      shoulda-matchers (~> 4.0)
    shoulda-context (2.0.0)
    shoulda-matchers (4.5.1)
      activesupport (>= 4.2.0)
    test-unit (3.6.1)
      power_assert
    tzinfo (2.0.6)
      concurrent-ruby (~> 1.0)

PLATFORMS
  x86_64-linux

DEPENDENCIES
  bert!
  rake (~> 13.0, >= 13.0.6)
  rake-compiler (~> 1.2, >= 1.2.5)
  shoulda (~> 4.0)
  shoulda-context (~> 2.0)
  test-unit (~> 3.6, >= 3.6.1)

BUNDLED WITH
   2.4.19
